PATH
  remote: .
  specs:
    teamcity-ruby (0.0.1)
      dogstatsd-ruby (~> 1.5, >= 1.5.0)
      minitest (~> 5.8, >= 5.8.0)
      selenium-webdriver (~> 2.48, >= 2.48.0)
      simplecov (~> 0.10)
      teamcity-ruby-client (~> 1.3, >= 1.3.0)

GEM
  remote: https://rubygems.org/
  specs:
    childprocess (0.5.8)
      ffi (~> 1.0, >= 1.0.11)
    docile (1.1.5)
    dogstatsd-ruby (1.5.0)
    faraday (0.9.2)
      multipart-post (>= 1.2, < 3)
    faraday_middleware (0.9.2)
      faraday (>= 0.7.4, < 0.10)
    ffi (1.9.10-x86-mingw32)
    hashie (3.4.3)
    json (1.8.3)
    minitest (5.8.3)
    multi_json (1.11.2)
    multipart-post (2.0.0)
    rubyzip (1.1.7)
    selenium-webdriver (2.48.1)
      childprocess (~> 0.5)
      multi_json (~> 1.0)
      rubyzip (~> 1.0)
      websocket (~> 1.0)
    simplecov (0.10.0)
      docile (~> 1.1.0)
      json (~> 1.8)
      simplecov-html (~> 0.10.0)
    simplecov-html (0.10.0)
    teamcity-ruby-client (1.3.1)
      faraday (~> 0.9.0)
      faraday_middleware (~> 0.9.0)
      hashie (>= 2.0)
    websocket (1.2.2)

PLATFORMS
  x86-mingw32

DEPENDENCIES
  teamcity-ruby!

BUNDLED WITH
   1.10.6
